GEM
  remote: https://rubygems.org/
  specs:
    byebug (11.1.3)
    coderay (1.1.3)
    daemons (1.4.1)
    diff-lcs (1.6.2)
    dotenv (2.8.1)
    eventmachine (1.2.7)
    foreman (0.88.1)
    google-protobuf (3.23.4)
    googleapis-common-protos-types (1.12.0)
      google-protobuf (~> 3.18)
    logger (1.7.0)
    method_source (1.1.0)
    mustermann (2.0.2)
      ruby2_keywords (~> 0.0.1)
    opentelemetry-api (1.1.0)
    opentelemetry-common (0.19.7)
      opentelemetry-api (~> 1.0)
    opentelemetry-exporter-jaeger (0.22.0)
      opentelemetry-api (~> 1.1)
      opentelemetry-common (~> 0.19.6)
      opentelemetry-sdk (~> 1.2)
      opentelemetry-semantic_conventions
      thrift
    opentelemetry-exporter-otlp (0.24.2)
      google-protobuf (~> 3.19)
      googleapis-common-protos-types (~> 1.3)
      opentelemetry-api (~> 1.1)
      opentelemetry-common (~> 0.19.6)
      opentelemetry-sdk (~> 1.2)
      opentelemetry-semantic_conventions
    opentelemetry-exporter-zipkin (0.22.0)
      opentelemetry-api (~> 1.1)
      opentelemetry-common (~> 0.19.6)
      opentelemetry-sdk (~> 1.2)
      opentelemetry-semantic_conventions
    opentelemetry-instrumentation-action_pack (0.5.0)
      opentelemetry-api (~> 1.0)
      opentelemetry-instrumentation-base (~> 0.21.0)
      opentelemetry-instrumentation-rack (~> 0.21)
    opentelemetry-instrumentation-action_view (0.4.0)
      opentelemetry-api (~> 1.0)
      opentelemetry-instrumentation-active_support (~> 0.1)
      opentelemetry-instrumentation-base (~> 0.20)
    opentelemetry-instrumentation-active_job (0.4.0)
      opentelemetry-api (~> 1.0)
      opentelemetry-instrumentation-base (~> 0.21.0)
    opentelemetry-instrumentation-active_model_serializers (0.19.1)
      opentelemetry-api (~> 1.0)
      opentelemetry-instrumentation-base (~> 0.21.0)
    opentelemetry-instrumentation-active_record (0.5.0)
      opentelemetry-api (~> 1.0)
      opentelemetry-instrumentation-base (~> 0.21.0)
      ruby2_keywords
    opentelemetry-instrumentation-active_support (0.3.0)
      opentelemetry-api (~> 1.0)
      opentelemetry-instrumentation-base (~> 0.21.0)
    opentelemetry-instrumentation-all (0.33.0)
      opentelemetry-instrumentation-active_model_serializers (~> 0.19.0)
      opentelemetry-instrumentation-aws_sdk (~> 0.3.0)
      opentelemetry-instrumentation-bunny (~> 0.19.0)
      opentelemetry-instrumentation-concurrent_ruby (~> 0.20.0)
      opentelemetry-instrumentation-dalli (~> 0.22.0)
      opentelemetry-instrumentation-delayed_job (~> 0.19.0)
      opentelemetry-instrumentation-ethon (~> 0.20.0)
      opentelemetry-instrumentation-excon (~> 0.20.0)
      opentelemetry-instrumentation-faraday (~> 0.22.0)
      opentelemetry-instrumentation-graphql (~> 0.24.0)
      opentelemetry-instrumentation-http (~> 0.21.0)
      opentelemetry-instrumentation-http_client (~> 0.21.0)
      opentelemetry-instrumentation-koala (~> 0.19.0)
      opentelemetry-instrumentation-lmdb (~> 0.21.0)
      opentelemetry-instrumentation-mongo (~> 0.21.0)
      opentelemetry-instrumentation-mysql2 (~> 0.22.0)
      opentelemetry-instrumentation-net_http (~> 0.21.0)
      opentelemetry-instrumentation-pg (~> 0.23.0)
      opentelemetry-instrumentation-que (~> 0.5.0)
      opentelemetry-instrumentation-racecar (~> 0.1.0)
      opentelemetry-instrumentation-rack (~> 0.22.0)
      opentelemetry-instrumentation-rails (~> 0.25.0)
      opentelemetry-instrumentation-rake (~> 0.1.0)
      opentelemetry-instrumentation-rdkafka (~> 0.2.0)
      opentelemetry-instrumentation-redis (~> 0.24.0)
      opentelemetry-instrumentation-resque (~> 0.3.0)
      opentelemetry-instrumentation-restclient (~> 0.21.0)
      opentelemetry-instrumentation-ruby_kafka (~> 0.19.0)
      opentelemetry-instrumentation-sidekiq (~> 0.22.0)
      opentelemetry-instrumentation-sinatra (~> 0.21.0)
      opentelemetry-instrumentation-trilogy (~> 0.52.0)
    opentelemetry-instrumentation-aws_sdk (0.3.2)
      opentelemetry-api (~> 1.0)
      opentelemetry-instrumentation-base (~> 0.21.0)
    opentelemetry-instrumentation-base (0.21.1)
      opentelemetry-api (~> 1.0)
      opentelemetry-registry (~> 0.1)
    opentelemetry-instrumentation-bunny (0.19.1)
      opentelemetry-api (~> 1.0)
      opentelemetry-instrumentation-base (~> 0.21.0)
    opentelemetry-instrumentation-concurrent_ruby (0.20.1)
      opentelemetry-api (~> 1.0)
      opentelemetry-instrumentation-base (~> 0.21.0)
    opentelemetry-instrumentation-dalli (0.22.2)
      opentelemetry-api (~> 1.0)
      opentelemetry-common (~> 0.19.3)
      opentelemetry-instrumentation-base (~> 0.21.0)
    opentelemetry-instrumentation-delayed_job (0.19.1)
      opentelemetry-api (~> 1.0)
      opentelemetry-instrumentation-base (~> 0.21.0)
    opentelemetry-instrumentation-ethon (0.20.1)
      opentelemetry-api (~> 1.0)
      opentelemetry-common (~> 0.19.3)
      opentelemetry-instrumentation-base (~> 0.21.0)
    opentelemetry-instrumentation-excon (0.20.1)
      opentelemetry-api (~> 1.0)
      opentelemetry-common (~> 0.19.3)
      opentelemetry-instrumentation-base (~> 0.21.0)
    opentelemetry-instrumentation-faraday (0.22.0)
      opentelemetry-api (~> 1.0)
      opentelemetry-common (~> 0.19.3)
      opentelemetry-instrumentation-base (~> 0.21.0)
    opentelemetry-instrumentation-graphql (0.24.0)
      opentelemetry-api (~> 1.0)
      opentelemetry-instrumentation-base (~> 0.21.0)
    opentelemetry-instrumentation-http (0.21.0)
      opentelemetry-api (~> 1.0)
      opentelemetry-instrumentation-base (~> 0.21.0)
    opentelemetry-instrumentation-http_client (0.21.0)
      opentelemetry-api (~> 1.0)
      opentelemetry-common (~> 0.19.3)
      opentelemetry-instrumentation-base (~> 0.21.0)
    opentelemetry-instrumentation-koala (0.19.1)
      opentelemetry-api (~> 1.0)
      opentelemetry-common (~> 0.19.3)
      opentelemetry-instrumentation-base (~> 0.21.0)
    opentelemetry-instrumentation-lmdb (0.21.1)
      opentelemetry-api (~> 1.0)
      opentelemetry-instrumentation-base (~> 0.21.0)
    opentelemetry-instrumentation-mongo (0.21.1)
      opentelemetry-api (~> 1.0)
      opentelemetry-instrumentation-base (~> 0.21.0)
    opentelemetry-instrumentation-mysql2 (0.22.0)
      opentelemetry-api (~> 1.0)
      opentelemetry-instrumentation-base (~> 0.21.0)
    opentelemetry-instrumentation-net_http (0.21.1)
      opentelemetry-api (~> 1.0)
      opentelemetry-common (~> 0.19.3)
      opentelemetry-instrumentation-base (~> 0.21.0)
    opentelemetry-instrumentation-pg (0.23.0)
      opentelemetry-api (~> 1.0)
      opentelemetry-instrumentation-base (~> 0.21.0)
    opentelemetry-instrumentation-que (0.5.1)
      opentelemetry-api (~> 1.0)
      opentelemetry-instrumentation-base (~> 0.21.0)
    opentelemetry-instrumentation-racecar (0.1.2)
      opentelemetry-api (~> 1.0)
      opentelemetry-instrumentation-base (~> 0.21.0)
    opentelemetry-instrumentation-rack (0.22.1)
      opentelemetry-api (~> 1.0)
      opentelemetry-common (~> 0.19.3)
      opentelemetry-instrumentation-base (~> 0.21.0)
    opentelemetry-instrumentation-rails (0.25.0)
      opentelemetry-api (~> 1.0)
      opentelemetry-instrumentation-action_pack (~> 0.5.0)
      opentelemetry-instrumentation-action_view (~> 0.4.0)
      opentelemetry-instrumentation-active_job (~> 0.4.0)
      opentelemetry-instrumentation-active_record (~> 0.5.0)
      opentelemetry-instrumentation-active_support (~> 0.3.0)
      opentelemetry-instrumentation-base (~> 0.21.0)
    opentelemetry-instrumentation-rake (0.1.1)
      opentelemetry-api (~> 1.0)
      opentelemetry-instrumentation-base (~> 0.21.0)
    opentelemetry-instrumentation-rdkafka (0.2.3)
      opentelemetry-api (~> 1.0)
      opentelemetry-common (~> 0.19.3)
      opentelemetry-instrumentation-base (~> 0.21.0)
    opentelemetry-instrumentation-redis (0.24.1)
      opentelemetry-api (~> 1.0)
      opentelemetry-common (~> 0.19.3)
      opentelemetry-instrumentation-base (~> 0.21.0)
    opentelemetry-instrumentation-resque (0.3.1)
      opentelemetry-api (~> 1.0)
      opentelemetry-instrumentation-base (~> 0.21.0)
    opentelemetry-instrumentation-restclient (0.21.0)
      opentelemetry-api (~> 1.0)
      opentelemetry-common (~> 0.19.3)
      opentelemetry-instrumentation-base (~> 0.21.0)
    opentelemetry-instrumentation-ruby_kafka (0.19.1)
      opentelemetry-api (~> 1.0)
      opentelemetry-instrumentation-base (~> 0.21.0)
    opentelemetry-instrumentation-sidekiq (0.22.1)
      opentelemetry-api (~> 1.0)
      opentelemetry-common (~> 0.19.3)
      opentelemetry-instrumentation-base (~> 0.21.0)
    opentelemetry-instrumentation-sinatra (0.21.5)
      opentelemetry-api (~> 1.0)
      opentelemetry-common (~> 0.19.3)
      opentelemetry-instrumentation-base (~> 0.21.0)
      opentelemetry-instrumentation-rack (~> 0.21)
    opentelemetry-instrumentation-trilogy (0.52.0)
      opentelemetry-api (~> 1.0)
      opentelemetry-instrumentation-base (~> 0.21.0)
      opentelemetry-semantic_conventions (>= 1.8.0)
    opentelemetry-registry (0.2.0)
      opentelemetry-api (~> 1.1)
    opentelemetry-sdk (1.2.1)
      opentelemetry-api (~> 1.1)
      opentelemetry-common (~> 0.19.3)
      opentelemetry-registry (~> 0.2)
      opentelemetry-semantic_conventions
    opentelemetry-semantic_conventions (1.10.0)
      opentelemetry-api (~> 1.0)
    pry (0.13.1)
      coderay (~> 1.1)
      method_source (~> 1.0)
    pry-byebug (3.9.0)
      byebug (~> 11.0)
      pry (~> 0.13.0)
    rack (2.2.17)
    rack-protection (2.2.4)
      rack
    rack-test (1.1.0)
      rack (>= 1.0, < 3)
    rspec (3.13.1)
      rspec-core (~> 3.13.0)
      rspec-expectations (~> 3.13.0)
      rspec-mocks (~> 3.13.0)
    rspec-core (3.13.5)
      rspec-support (~> 3.13.0)
    rspec-expectations (3.13.5)
      diff-lcs (>= 1.2.0, < 2.0)
      rspec-support (~> 3.13.0)
    rspec-mocks (3.13.5)
      diff-lcs (>= 1.2.0, < 2.0)
      rspec-support (~> 3.13.0)
    rspec-support (3.13.4)
    ruby2_keywords (0.0.5)
    sinatra (2.2.4)
      mustermann (~> 2.0)
      rack (~> 2.2)
      rack-protection (= 2.2.4)
      tilt (~> 2.0)
    thin (2.0.1)
      daemons (~> 1.0, >= 1.0.9)
      eventmachine (~> 1.0, >= 1.0.4)
      logger
      rack (>= 1, < 4)
    thrift (0.22.0)
    tilt (2.6.0)

PLATFORMS
  ruby

DEPENDENCIES
  dotenv (~> 2.7.X)
  foreman
  opentelemetry-common
  opentelemetry-exporter-jaeger
  opentelemetry-exporter-otlp
  opentelemetry-exporter-zipkin (~> 0.22.0)
  opentelemetry-instrumentation-all
  opentelemetry-sdk
  pry-byebug
  rack-test (~> 1.1.0)
  rspec (~> 3.9.X)
  sinatra (~> 2.0.X)
  thin (= 2.0.1)

BUNDLED WITH
   1.17.2
